GIT
  remote: https://github.com/clearwater-rb/clearmarked.git
  revision: 442d54edfef6d49b7597afff7aa9137533ea5db3
  specs:
    clearmarked (0.1.0)
      clearwater

GIT
  remote: https://github.com/clearwater-rb/clearwater-hot_loader.git
  revision: 1b7ce96697f31a1bc9d29dda0ce8f37290e97201
  specs:
    clearwater-hot_loader (0.2.0)
      clearwater (~> 1.0.0.rc1)
      faye-websocket
      listen

GEM
  remote: https://rubygems.org/
  specs:
    bowser (0.4.0)
      opal (>= 0.7.0, < 0.12.0)
    clearwater (1.0.0.rc4)
      bowser (~> 0.1)
      opal (~> 0.7)
    concurrent-ruby (1.0.5)
    eventmachine (1.2.3)
    execjs (2.7.0)
    faye-websocket (0.10.7)
      eventmachine (>= 0.12.0)
      websocket-driver (>= 0.5.1)
    ffi (1.9.18)
    hike (1.2.3)
    listen (3.1.5)
      rb-fsevent (~> 0.9, >= 0.9.4)
      rb-inotify (~> 0.9, >= 0.9.7)
      ruby_dep (~> 1.2)
    opal (0.10.4)
      hike (~> 1.2)
      sourcemap (~> 0.1.0)
      sprockets (~> 3.1)
      tilt (>= 1.4)
    puma (3.8.2)
    rack (1.6.6)
    rb-fsevent (0.9.8)
    rb-inotify (0.9.8)
      ffi (>= 0.5.0)
    roda (2.25.0)
      rack
    roda-opal_assets (0.3.1)
      opal (~> 0.7, < 0.11.0)
      rack (~> 1.0)
      roda
      sprockets (~> 3.6.0)
      uglifier (~> 3.0)
    ruby_dep (1.5.0)
    sourcemap (0.1.1)
    sprockets (3.6.3)
      concurrent-ruby (~> 1.0)
      rack (> 1, < 3)
    tilt (2.0.7)
    uglifier (3.2.0)
      execjs (>= 0.3.0, < 3)
    websocket-driver (0.6.5)
      websocket-extensions (>= 0.1.0)
    websocket-extensions (0.1.2)

PLATFORMS
  ruby

DEPENDENCIES
  clearmarked!
  clearwater (~> 1.0.0.rc2)
  clearwater-hot_loader!
  opal
  puma
  roda
  roda-opal_assets

RUBY VERSION
   ruby 2.4.1p111

BUNDLED WITH
   1.14.6
