GEM
  remote: https://rubygems.org/
  specs:
    bowser (0.5.2)
      opal (>= 0.7.0, < 0.12.0)
    clearmarked (0.1.0)
      clearwater
    clearwater (1.0.0)
      bowser (~> 0.5.1)
      opal (~> 0.7)
    clearwater-hot_loader (0.3.0)
      clearwater (~> 1.0.0.rc1)
      faye-websocket
      listen
    concurrent-ruby (1.0.5)
    eventmachine (1.2.5)
    execjs (2.7.0)
    faye-websocket (0.10.7)
      eventmachine (>= 0.12.0)
      websocket-driver (>= 0.5.1)
    ffi (1.9.18)
    hike (1.2.3)
    listen (3.1.5)
      rb-fsevent (~> 0.9, >= 0.9.4)
      rb-inotify (~> 0.9, >= 0.9.7)
      ruby_dep (~> 1.2)
    opal (0.10.5)
      hike (~> 1.2)
      sourcemap (~> 0.1.0)
      sprockets (~> 3.1)
      tilt (>= 1.4)
    puma (3.11.0)
    rack (1.6.8)
    rake (12.3.0)
    rb-fsevent (0.10.2)
    rb-inotify (0.9.10)
      ffi (>= 0.5.0, < 2)
    rerun (0.11.0)
      listen (~> 3.0)
    roda (3.3.0)
      rack
    roda-opal_assets (0.3.1)
      opal (~> 0.7, < 0.11.0)
      rack (~> 1.0)
      roda
      sprockets (~> 3.6.0)
      uglifier (~> 3.0)
    ruby_dep (1.5.0)
    sourcemap (0.1.1)
    sprockets (3.6.3)
      concurrent-ruby (~> 1.0)
      rack (> 1, < 3)
    tilt (2.0.8)
    uglifier (3.2.0)
      execjs (>= 0.3.0, < 3)
    websocket-driver (0.7.0)
      websocket-extensions (>= 0.1.0)
    websocket-extensions (0.1.3)

PLATFORMS
  ruby

DEPENDENCIES
  bowser
  clearmarked
  clearwater (~> 1.0.0.rc2)
  clearwater-hot_loader
  opal
  puma
  rake
  rerun
  roda
  roda-opal_assets

RUBY VERSION
   ruby 2.4.2p198

BUNDLED WITH
   1.16.0
